GEM
  remote: https://rubygems.org/
  specs:
    coderay (1.1.2)
    method_source (0.9.0)
    pry (0.11.3)
      coderay (~> 1.1.0)
      method_source (~> 0.9.0)
    sequel (5.12.0)

PLATFORMS
  ruby

DEPENDENCIES
  pry
  sequel

BUNDLED WITH
   1.16.5
